PATH
  remote: .
  specs:
    right_git (1.2.1)
      right_support (~> 2.14)

GEM
  remote: https://rubygems.org/
  specs:
    byebug (9.0.6)
    coderay (1.1.1)
    diff-lcs (1.3)
    flexmock (0.8.11)
    method_source (0.8.2)
    pry (0.10.4)
      coderay (~> 1.1.0)
      method_source (~> 0.8.1)
      slop (~> 3.4)
    pry-byebug (3.4.2)
      byebug (~> 9.0)
      pry (~> 0.10)
    rake (11.3.0)
    right_support (2.14.2)
    rspec (2.99.0)
      rspec-core (~> 2.99.0)
      rspec-expectations (~> 2.99.0)
      rspec-mocks (~> 2.99.0)
    rspec-core (2.99.2)
    rspec-expectations (2.99.2)
      diff-lcs (>= 1.1.3, < 2.0)
    rspec-mocks (2.99.4)
    slop (3.6.0)

PLATFORMS
  ruby

DEPENDENCIES
  flexmock (~> 0.8.7)
  pry
  pry-byebug
  rake (< 12)
  right_git!
  rspec (~> 2.0)

BUNDLED WITH
   1.14.6
