GEM
  remote: http://s3.amazonaws.com/rightscale_rightlink_gems_dev/
  remote: https://rubygems.org/
  specs:
    diff-lcs (1.2.4)
    flexmock (0.8.11)
    git (1.2.6)
    jeweler (1.8.4)
      bundler (~> 1.0)
      git (>= 1.2.5)
      rake
      rdoc
    json (1.4.6-x86-mswin32)
    nokogiri (1.5.6-x86-mswin32)
    rake (0.9.6)
    rdoc (4.0.1)
      json (~> 1.4)
    rspec (2.14.1)
      rspec-core (~> 2.14.0)
      rspec-expectations (~> 2.14.0)
      rspec-mocks (~> 2.14.0)
    rspec-core (2.14.5)
    rspec-expectations (2.14.2)
      diff-lcs (>= 1.1.3, < 2.0)
    rspec-mocks (2.14.3)

PLATFORMS
  x86-mswin32

DEPENDENCIES
  flexmock (~> 0.8.7)
  jeweler (~> 1.8.3)
  json (= 1.4.6)
  nokogiri (= 1.5.6)
  rake (>= 0.8.7, < 0.10)
  rspec (>= 1.3, < 3.0)
  ruby-debug (>= 0.10)
  ruby-debug19 (>= 0.11.6)
